GEM
  remote: http://rubygems.org/
  specs:
    andand (1.3.3)
    celluloid (0.15.2)
      timers (~> 1.1.0)
    childprocess (0.3.9)
      ffi (~> 1.0, >= 1.0.11)
    coderay (1.0.9)
    diff-lcs (1.1.3)
    facets (2.9.3)
    fattr (2.2.1)
    ffi (1.9.0)
    formatador (0.2.4)
    git (1.2.5)
    guard (2.0.3)
      formatador (>= 0.2.4)
      listen (~> 2.0)
      lumberjack (~> 1.0)
      pry (>= 0.9.12)
      thor (>= 0.18.1)
    guard-rspec (1.2.1)
      guard (>= 1.1)
    guard-spork (1.5.1)
      childprocess (>= 0.2.3)
      guard (>= 1.1)
      spork (>= 0.8.4)
    jeweler (1.8.4)
      bundler (~> 1.0)
      git (>= 1.2.5)
      rake
      rdoc
    json (1.7.5)
    listen (2.0.3)
      celluloid (>= 0.15.2)
      rb-fsevent (>= 0.9.3)
      rb-inotify (>= 0.9)
    lre (0.3.0)
      fattr
      mharris_ext
      watchr
    lumberjack (1.0.4)
    method_source (0.8.2)
    mharris_ext (1.6.0)
      facets
      fattr
    multi_json (1.8.2)
    nokogiri (1.5.6)
    oauth (0.4.7)
    pry (0.9.12.2)
      coderay (~> 1.0.5)
      method_source (~> 0.8)
      slop (~> 3.4)
    rack (1.5.2)
    rack-protection (1.5.0)
      rack
    rake (10.0.3)
    rb-fsevent (0.9.3)
    rb-inotify (0.9.2)
      ffi (>= 0.5.0)
    rdoc (3.12)
      json (~> 1.4)
    rspec (2.8.0)
      rspec-core (~> 2.8.0)
      rspec-expectations (~> 2.8.0)
      rspec-mocks (~> 2.8.0)
    rspec-core (2.8.0)
    rspec-expectations (2.8.0)
      diff-lcs (~> 1.1.2)
    rspec-mocks (2.8.0)
    simplecov (0.7.1)
      multi_json (~> 1.0)
      simplecov-html (~> 0.7.1)
    simplecov-html (0.7.1)
    sinatra (1.4.3)
      rack (~> 1.4)
      rack-protection (~> 1.4)
      tilt (~> 1.3, >= 1.3.4)
    slop (3.4.6)
    spork (0.9.2)
    thor (0.18.1)
    tilt (1.4.1)
    timers (1.1.0)
    watchr (0.7)

PLATFORMS
  ruby

DEPENDENCIES
  andand
  bundler (>= 1.0.0)
  guard
  guard-rspec
  guard-spork
  jeweler (~> 1.8.4)
  lre
  mharris_ext
  nokogiri
  oauth
  rb-fsevent (~> 0.9)
  rdoc (~> 3.12)
  rspec (~> 2.8.0)
  simplecov
  sinatra
