GEM
  remote: http://rubygems.org/
  specs:
    diff-lcs (1.1.3)
    facets (2.9.3)
    fattr (2.2.1)
    git (1.2.5)
    jeweler (1.8.4)
      bundler (~> 1.0)
      git (>= 1.2.5)
      rake
      rdoc
    json (1.7.5)
    lre (0.3.0)
      fattr
      mharris_ext
      watchr
    mharris_ext (1.6.0)
      facets
      fattr
    nokogiri (1.5.6)
    rake (10.0.3)
    rdoc (3.12)
      json (~> 1.4)
    rspec (2.8.0)
      rspec-core (~> 2.8.0)
      rspec-expectations (~> 2.8.0)
      rspec-mocks (~> 2.8.0)
    rspec-core (2.8.0)
    rspec-expectations (2.8.0)
      diff-lcs (~> 1.1.2)
    rspec-mocks (2.8.0)
    watchr (0.7)

PLATFORMS
  ruby

DEPENDENCIES
  bundler (~> 1.2)
  jeweler (~> 1.8.4)
  lre
  mharris_ext
  nokogiri
  rdoc (~> 3.12)
  rspec (~> 2.8.0)
